GEM
  remote: https://rubygems.org/
  specs:
    motion-flow (0.1.3)
    rake (11.1.2)
    sugarcube (3.3.5)

PLATFORMS
  ruby

DEPENDENCIES
  motion-flow
  rake
  sugarcube

BUNDLED WITH
   1.11.2
